GEM
  remote: http://rubygems.org/
  specs:
  
PLATFORMS
  ruby


DEPENDENCIES
  haml
  jruby-openssl
  json
  mondrian-olap
  mysql2
  sinatra
  trinidad
  mysql
  mysql2
