GEM
  remote: http://rubygems.org/
  specs:
    backports (2.3.0)
    bouncy-castle-java (1.5.0146.1)
    columnize (0.3.6)
    diff-lcs (1.1.3)
    eventmachine (0.12.10-java)
    haml (3.1.4)
    jdbc-mysql (5.1.13)
    jruby-openssl (0.7.4)
      bouncy-castle-java
    json (1.6.5-java)
    mondrian-olap (0.3.0)
      nokogiri (~> 1.5.0)
    mysql (2.8.1)
    nokogiri (1.5.0-java)
    rack (1.4.0)
    rack-protection (1.2.0)
      rack
    rack-test (0.6.1)
      rack (>= 1.0)
    rspec (2.8.0)
      rspec-core (~> 2.8.0)
      rspec-expectations (~> 2.8.0)
      rspec-mocks (~> 2.8.0)
    rspec-core (2.8.0)
    rspec-expectations (2.8.0)
      diff-lcs (~> 1.1.2)
    rspec-mocks (2.8.0)
    ruby-debug (0.10.4)
      columnize (>= 0.1)
      ruby-debug-base (~> 0.10.4.0)
    ruby-debug-base (0.10.4-java)
    sinatra (1.3.2)
      rack (~> 1.3, >= 1.3.6)
      rack-protection (~> 1.2)
      tilt (~> 1.3, >= 1.3.3)
    sinatra-contrib (1.3.1)
      backports (>= 2.0)
      eventmachine
      rack-protection
      rack-test
      sinatra (~> 1.3.0)
      tilt (~> 1.3)
    sinatra-reloader (1.0)
      sinatra-contrib
    tilt (1.3.3)

PLATFORMS
  java
  ruby

DEPENDENCIES
  haml
  jdbc-mysql
  jruby-openssl
  json
  mondrian-olap
  mysql
  rspec
  ruby-debug
  sinatra
  sinatra-reloader
